PATH
  remote: .
  specs:
    meme_captain (0.1.0)
      bson_ext
      curb
      json
      mime-types
      mongo
      mongo_mapper
      rack
      rack-contrib
      rack-rewrite
      rmagick
      sinatra

GEM
  remote: http://rubygems.org/
  specs:
    activemodel (3.2.3)
      activesupport (= 3.2.3)
      builder (~> 3.0.0)
    activesupport (3.2.3)
      i18n (~> 0.6)
      multi_json (~> 1.0)
    addressable (2.2.7)
    bson (1.6.2)
    bson_ext (1.6.2)
      bson (~> 1.6.2)
    builder (3.0.0)
    crack (0.3.1)
    curb (0.8.0)
    diff-lcs (1.1.3)
    i18n (0.6.0)
    json (1.6.6)
    mime-types (1.18)
    mongo (1.6.2)
      bson (~> 1.6.2)
    mongo_mapper (0.11.1)
      activemodel (~> 3.0)
      activesupport (~> 3.0)
      plucky (~> 0.4.0)
    multi_json (1.3.1)
    plucky (0.4.4)
      mongo (~> 1.5)
    rack (1.4.1)
    rack-contrib (1.1.0)
      rack (>= 0.9.1)
    rack-protection (1.2.0)
      rack
    rack-rewrite (1.2.1)
    rmagick (2.13.1)
    rspec (2.9.0)
      rspec-core (~> 2.9.0)
      rspec-expectations (~> 2.9.0)
      rspec-mocks (~> 2.9.0)
    rspec-core (2.9.0)
    rspec-expectations (2.9.1)
      diff-lcs (~> 1.1.3)
    rspec-mocks (2.9.0)
    sinatra (1.3.2)
      rack (~> 1.3, >= 1.3.6)
      rack-protection (~> 1.2)
      tilt (~> 1.3, >= 1.3.3)
    tilt (1.3.3)
    webmock (1.8.6)
      addressable (>= 2.2.7)
      crack (>= 0.1.7)

PLATFORMS
  ruby

DEPENDENCIES
  meme_captain!
  rspec
  webmock
